GIT
  remote: git@github.com:resque/resque.git
  revision: 4c7d6e705731937158cc530868fa1b0d76bd48cf
  specs:
    resque (2.0.0.pre.1)
      json
      mono_logger (~> 1.0)
      redis-namespace (>= 1.3.0)
      thor (~> 0.17)

PATH
  remote: .
  specs:
    resque_spec (0.16.0)
      resque (>= 1.19.0)
      rspec-core (>= 3.0.0)
      rspec-expectations (>= 3.0.0)
      rspec-mocks (>= 3.0.0)

GEM
  remote: https://rubygems.org/
  specs:
    coderay (1.0.8)
    columnize (0.3.6)
    debugger (1.6.5)
      columnize (>= 0.3.1)
      debugger-linecache (~> 1.2.0)
      debugger-ruby_core_source (~> 1.3.1)
    debugger-linecache (1.2.0)
    debugger-ruby_core_source (1.3.1)
    diff-lcs (1.2.5)
    json (1.8.1)
    method_source (0.8.1)
    mono_logger (1.1.0)
    pry (0.9.11.4)
      coderay (~> 1.0.5)
      method_source (~> 0.8)
      slop (~> 3.4)
    pry-debugger (0.2.2)
      debugger (~> 1.3)
      pry (~> 0.9.10)
    rake (10.1.0)
    redis (3.0.4)
    redis-namespace (1.4.1)
      redis (~> 3.0.4)
    resque-scheduler (2.0.1)
      redis (>= 2.0.1)
      resque (>= 1.20.0)
      rufus-scheduler
    rspec (3.0.0)
      rspec-core (~> 3.0.0)
      rspec-expectations (~> 3.0.0)
      rspec-mocks (~> 3.0.0)
    rspec-core (3.0.0)
      rspec-support (~> 3.0.0)
    rspec-expectations (3.0.0)
      diff-lcs (>= 1.2.0, < 2.0)
      rspec-support (~> 3.0.0)
    rspec-mocks (3.0.0)
      rspec-support (~> 3.0.0)
    rspec-support (3.0.0)
    rufus-scheduler (2.0.22)
      tzinfo (>= 0.3.23)
    slop (3.4.3)
    thor (0.18.1)
    timecop (0.6.3)
    tzinfo (1.0.1)

PLATFORMS
  ruby

DEPENDENCIES
  pry
  pry-debugger
  rake
  resque!
  resque-scheduler
  resque_spec!
  rspec (>= 3.0.0)
  timecop
